GEM
  remote: https://rubygems.org/
  specs:
    ast (2.4.1)
    parser (2.7.2.0)
      ast (~> 2.4.1)
    powerpack (0.1.2)
    rack (1.6.13)
    rack-protection (1.5.5)
      rack
    rainbow (2.2.2)
      rake
    rake (13.0.1)
    rubocop (0.39.0)
      parser (>= 2.3.0.7, < 3.0)
      powerpack (~> 0.1)
      rainbow (>= 1.99.1, < 3.0)
      ruby-progressbar (~> 1.7)
      unicode-display_width (~> 1.0, >= 1.0.1)
    ruby-progressbar (1.10.1)
    shotgun (0.9.2)
      rack (>= 1.0)
    sinatra (1.4.8)
      rack (~> 1.5)
      rack-protection (~> 1.4)
      tilt (>= 1.3, < 3)
    tilt (2.0.10)
    unicode-display_width (1.7.0)

PLATFORMS
  ruby

DEPENDENCIES
  rubocop (~> 0.39.0)
  shotgun (~> 0.9.2)
  sinatra (~> 1.4, >= 1.4.7)

BUNDLED WITH
   2.1.4
